GEM
  specs:
    abstract_type (0.0.6)
    adamantium (0.1.0)
      ice_nine (~> 0.9)
      thread_safe (~> 0.1.2)
    addressable (2.3.5)
    atomic (1.1.14)
    axiom (0.1.1)
      abstract_type (~> 0.0.5)
      adamantium (~> 0.1)
      axiom-types (~> 0.0.3)
      descendants_tracker (~> 0.0.1)
      equalizer (~> 0.0.7)
    axiom-optimizer (0.1.1)
      axiom (~> 0.1.0)
    axiom-types (0.0.3)
      descendants_tracker (~> 0.0.1)
      ice_nine (~> 0.9)
    concord (0.1.4)
      adamantium (~> 0.1)
      equalizer (~> 0.0.7)
    descendants_tracker (0.0.1)
    equalizer (0.0.7)
    ice_nine (0.10.0)
    rack (1.4.5)
    rack-protection (1.4.0)
      rack
    rom (0.1.2)
      rom-mapper (~> 0.1.1)
      rom-relation (~> 0.1.2)
      rom-session (~> 0.1.1)
    rom-mapper (0.1.1)
      abstract_type (~> 0.0.6)
      adamantium (~> 0.1)
      concord (~> 0.1.4)
      descendants_tracker (~> 0.0.1)
      equalizer (~> 0.0.7)
    rom-relation (0.1.2)
      abstract_type (~> 0.0.6)
      adamantium (~> 0.1)
      addressable (~> 2.3, >= 2.3.3)
      axiom (~> 0.1.1)
      axiom-optimizer (~> 0.1.1)
      concord (~> 0.1.4)
      descendants_tracker (~> 0.0.1)
      equalizer (~> 0.0.7)
    rom-session (0.1.1)
      abstract_type (~> 0.0.6)
      adamantium (~> 0.1)
      concord (~> 0.1.4)
      equalizer (~> 0.0.7)
    sinatra (1.3.5)
      rack (~> 1.4)
      rack-protection (~> 1.3)
      tilt (~> 1.3, >= 1.3.3)
    thread_safe (0.1.3)
      atomic
    tilt (1.4.1)

PLATFORMS
  ruby

DEPENDENCIES
  rom
  sinatra
